GEM
  remote: http://rubygems.org/
  specs:
    git (1.2.5)
    haml (3.0.24)
    jeweler (1.5.1)
      bundler (~> 1.0.0)
      git (>= 1.2.5)
      rake
    rack (1.2.1)
    rake (0.8.7)
    rcov (0.9.9)
    rdiscount (1.6.5)
    shoulda (2.11.3)
    sinatra (1.1.0)
      rack (~> 1.1)
      tilt (~> 1.1)
    tilt (1.1)

PLATFORMS
  x86-mingw32

DEPENDENCIES
  bundler (~> 1.0.0)
  haml (>= 3.0.24)
  jeweler (~> 1.5.1)
  rcov
  rdiscount (>= 1.6.5)
  shoulda
  sinatra (>= 1.1.0)
